PATH
  remote: .
  specs:
    hoang_palindrome (0.1.1)

GEM
  remote: https://rubygems.org/
  specs:
    ansi (1.5.0)
    builder (3.3.0)
    minitest (5.25.1)
    minitest-reporters (1.7.1)
      ansi
      builder
      minitest (>= 5.0)
      ruby-progressbar
    rake (13.2.1)
    ruby-progressbar (1.13.0)

PLATFORMS
  arm64-darwin-23
  ruby

DEPENDENCIES
  hoang_palindrome!
  minitest (~> 5.16)
  minitest-reporters (~> 1.7)
  rake (~> 13.0)

BUNDLED WITH
   2.5.20
